PATH
  remote: .
  specs:
    ohrka-feed (1.0.0)
      active_support
      dalli
      json
      nokogiri
      rack
      require_all

GEM
  remote: https://rubygems.org/
  specs:
    active_support (3.0.0)
      activesupport (= 3.0.0)
    activesupport (3.0.0)
    addressable (2.3.2)
    binding_of_caller (0.6.8)
    coderay (1.0.8)
    crack (0.3.1)
    dalli (2.2.1)
    ffi (1.1.5)
    guard (1.4.0)
      listen (>= 0.4.2)
      thor (>= 0.14.6)
    guard-bundler (1.0.0)
      bundler (~> 1.0)
      guard (~> 1.1)
    guard-minitest (0.5.0)
      guard (>= 0.4)
    json (1.7.5)
    libnotify (0.8.0)
      ffi (>= 1.0.11)
    listen (0.5.3)
    method_source (0.8)
    minitest (4.1.0)
    nokogiri (1.5.5)
    pry (0.9.10)
      coderay (~> 1.0.5)
      method_source (~> 0.8)
      slop (~> 3.3.1)
    pry-stack_explorer (0.4.7)
      binding_of_caller (~> 0.6.8)
    rack (1.4.1)
    rake (0.9.2.2)
    rb-fsevent (0.9.2)
    rb-inotify (0.8.8)
      ffi (>= 0.5.0)
    require_all (1.2.1)
    slop (3.3.3)
    terminal-notifier-guard (1.5.3)
    thor (0.16.0)
    vcr (2.2.5)
    webmock (1.8.11)
      addressable (>= 2.2.7)
      crack (>= 0.1.7)

PLATFORMS
  ruby

DEPENDENCIES
  guard
  guard-bundler
  guard-minitest
  libnotify
  minitest
  ohrka-feed!
  pry
  pry-stack_explorer
  rake
  rb-fsevent
  rb-inotify
  terminal-notifier-guard
  vcr
  webmock
